GIT
  remote: git://github.com/alphagov/wraith.git
  revision: d3cc76c60999122a8bf52d943c82fd59dd2d2006
  branch: psr
  specs:
    wraith (3.0.4)
      anemone
      casperjs
      image_size
      log4r
      nokogiri
      parallel
      rake
      robotex
      thor

GEM
  remote: https://rubygems.org/
  specs:
    anemone (0.7.2)
      nokogiri (>= 1.3.0)
      robotex (>= 1.0.0)
    ast (2.2.0)
    astrolabe (1.3.1)
      parser (~> 2.2)
    byebug (9.0.4)
    casperjs (1.0.0)
    coderay (1.1.1)
    diff-lcs (1.2.5)
    diffy (3.1.0)
    domain_name (0.5.20160310)
      unf (>= 0.0.5, < 1.0.0)
    govuk-lint (0.8.1)
      rubocop (~> 0.35.0)
      scss_lint (~> 0.44.0)
    http-cookie (1.0.2)
      domain_name (~> 0.5)
    image_size (1.4.2)
    log4r (1.1.10)
    method_source (0.8.2)
    mime-types (2.99.1)
    mini_portile2 (2.0.0)
    netrc (0.11.0)
    nokogiri (1.6.7.2)
      mini_portile2 (~> 2.0.0.rc2)
    parallel (1.8.0)
    parser (2.3.1.0)
      ast (~> 2.2)
    powerpack (0.1.1)
    pry (0.10.3)
      coderay (~> 1.1.0)
      method_source (~> 0.8.1)
      slop (~> 3.4)
    pry-byebug (3.4.0)
      byebug (~> 9.0)
      pry (~> 0.10)
    rainbow (2.1.0)
    rake (10.5.0)
    rest-client (1.8.0)
      http-cookie (>= 1.0.2, < 2.0)
      mime-types (>= 1.16, < 3.0)
      netrc (~> 0.7)
    robotex (1.0.0)
    rspec (3.4.0)
      rspec-core (~> 3.4.0)
      rspec-expectations (~> 3.4.0)
      rspec-mocks (~> 3.4.0)
    rspec-core (3.4.4)
      rspec-support (~> 3.4.0)
    rspec-expectations (3.4.0)
      diff-lcs (>= 1.2.0, < 2.0)
      rspec-support (~> 3.4.0)
    rspec-mocks (3.4.1)
      diff-lcs (>= 1.2.0, < 2.0)
      rspec-support (~> 3.4.0)
    rspec-support (3.4.1)
    rubocop (0.35.1)
      astrolabe (~> 1.3)
      parser (>= 2.2.3.0, < 3.0)
      powerpack (~> 0.1)
      rainbow (>= 1.99.1, < 3.0)
      ruby-progressbar (~> 1.7)
      tins (<= 1.6.0)
    ruby-progressbar (1.8.1)
    sass (3.4.22)
    scss_lint (0.44.0)
      rake (~> 10.0)
      sass (~> 3.4.15)
    slop (3.6.0)
    thor (0.19.1)
    tins (1.6.0)
    unf (0.1.4)
      unf_ext
    unf_ext (0.0.7.2)

PLATFORMS
  ruby

DEPENDENCIES
  diffy (~> 3.1)
  govuk-lint (~> 0.8)
  nokogiri
  pry-byebug
  rake (~> 10.0)
  rest-client (~> 1.8)
  rspec (~> 3.0)
  wraith!

BUNDLED WITH
   1.10.6
